GIT
  remote: http://github.com/pcboy/exchanger
  revision: f32c0897283fc457323cf9b48049ecbe191339a0
  branch: GetRooms_support
  specs:
    exchanger (0.1.3)
      activesupport (>= 2.2.2)
      httpclient (>= 2.1.5.2)
      nokogiri (>= 1.3.0)
      rubyntlm (>= 0.1.1)
      tzinfo (>= 0.3.33)

GEM
  remote: https://rubygems.org/
  specs:
    activesupport (3.2.13)
      i18n (= 0.6.1)
      multi_json (~> 1.0)
    awesome_print (1.1.0)
    diff-lcs (1.1.3)
    httpclient (2.3.3)
    i18n (0.6.1)
    looksee (1.1.0)
    multi_json (1.7.3)
    nokogiri (1.5.9)
    rake (10.0.4)
    rspec (2.6.0)
      rspec-core (~> 2.6.0)
      rspec-expectations (~> 2.6.0)
      rspec-mocks (~> 2.6.0)
    rspec-core (2.6.4)
    rspec-expectations (2.6.0)
      diff-lcs (~> 1.1.2)
    rspec-mocks (2.6.0)
    rubyntlm (0.3.1)
    tzinfo (0.3.37)

PLATFORMS
  ruby

DEPENDENCIES
  awesome_print
  exchanger!
  looksee
  rake
  rspec
  tzinfo
