GIT
  remote: http://github.com/pcboy/exchanger
  revision: dc48349cbb3f460dc870b89f1cf8654213a29570
  branch: GetRooms_support
  specs:
    exchanger (0.1.3)
      activesupport (>= 2.2.2)
      httpclient (>= 2.1.5.2)
      nokogiri (>= 1.3.0)
      rubyntlm (>= 0.1.1)
      tzinfo (>= 0.3.33)

GEM
  remote: https://rubygems.org/
  specs:
    activesupport (7.0.3.1)
      concurrent-ruby (~> 1.0, >= 1.0.2)
      i18n (>= 1.6, < 2)
      minitest (>= 5.1)
      tzinfo (~> 2.0)
    awesome_print (1.1.0)
    concurrent-ruby (1.1.10)
    diff-lcs (1.1.3)
    httpclient (2.8.3)
    i18n (1.12.0)
      concurrent-ruby (~> 1.0)
    mini_portile2 (2.8.0)
    minitest (5.16.2)
    nokogiri (1.13.7)
      mini_portile2 (~> 2.8.0)
      racc (~> 1.4)
    racc (1.6.0)
    rspec (2.6.0)
      rspec-core (~> 2.6.0)
      rspec-expectations (~> 2.6.0)
      rspec-mocks (~> 2.6.0)
    rspec-core (2.6.4)
    rspec-expectations (2.6.0)
      diff-lcs (~> 1.1.2)
    rspec-mocks (2.6.0)
    rubyntlm (0.6.3)
    tzinfo (2.0.5)
      concurrent-ruby (~> 1.0)

PLATFORMS
  ruby

DEPENDENCIES
  awesome_print
  exchanger!
  rspec
  tzinfo (>= 1.2.10)

BUNDLED WITH
   1.17.3
